GEM
  remote: http://rubygems.org/
  specs:
    json (1.8.0)
    microsoft_translator (0.1.1)
      nokogiri (>= 1.4.0)
      rest-client (>= 1.6.0)
    mime-types (1.23)
    nokogiri (1.5.9)
    rest-client (1.6.7)
      mime-types (>= 1.16)

PLATFORMS
  ruby

DEPENDENCIES
  json
  microsoft_translator
